GEM
  remote: https://rubygems.org/
  specs:
    digest-sha3 (1.1.0)

PLATFORMS
  ruby

DEPENDENCIES
  digest-sha3 (= 1.1.0)

BUNDLED WITH
   1.17.1
